GIT
  remote: git@github.com:thoughtbot/paperback.git
  revision: 30ba3972581c70bb6f58403433bd18737565af14
  specs:
    paperback (0.0.1)
      activesupport (~> 3.2.11)
      cocaine (~> 0.5.1)
      hub (~> 1.10.5)
      kindlegen (~> 2.7.0)
      pandoc-ruby (~> 0.6.0)
      pdf-reader (~> 1.3.2)
      rmagick (~> 2.13.1)
      terminal-table (~> 1.4.5)
      thor (~> 0.16.0)

GEM
  remote: https://rubygems.org/
  specs:
    Ascii85 (1.0.2)
    activesupport (3.2.13)
      i18n (= 0.6.1)
      multi_json (~> 1.0)
    afm (0.2.0)
    climate_control (0.0.3)
      activesupport (>= 3.0)
    cocaine (0.5.1)
      climate_control (>= 0.0.3, < 1.0)
    hashery (2.1.0)
    hub (1.10.6)
    i18n (0.6.1)
    kindlegen (2.7.0)
      systemu
    multi_json (1.7.3)
    nokogiri (1.5.6)
    pandoc-ruby (0.6.1)
    pdf-reader (1.3.3)
      Ascii85 (~> 1.0.0)
      afm (~> 0.2.0)
      hashery (~> 2.0)
      ruby-rc4
      ttfunk
    rmagick (2.13.2)
    ruby-rc4 (0.1.5)
    systemu (2.5.2)
    terminal-table (1.4.5)
    thor (0.16.0)
    ttfunk (1.0.3)

PLATFORMS
  ruby

DEPENDENCIES
  nokogiri
  paperback!
