GIT
  remote: git@github.com:thoughtbot/paperback.git
  revision: fb71ee9721ac19de699ba994853f1c9e0d093c48
  specs:
    paperback (0.0.1)
      activesupport (~> 3.2.11)
      cocaine (~> 0.5.1)
      kindlegen (~> 2.7.0)
      pandoc-ruby (~> 0.6.0)
      rmagick (~> 2.13.1)
      thor (~> 0.16.0)

GEM
  remote: http://rubygems.org/
  specs:
    activesupport (3.2.11)
      i18n (~> 0.6)
      multi_json (~> 1.0)
    climate_control (0.0.3)
      activesupport (>= 3.0)
    cocaine (0.5.1)
      climate_control (>= 0.0.3, < 1.0)
    i18n (0.6.1)
    kindlegen (2.7.0)
      systemu
    multi_json (1.5.0)
    pandoc-ruby (0.6.0)
    rmagick (2.13.1)
    systemu (2.5.2)
    thor (0.16.0)

PLATFORMS
  ruby

DEPENDENCIES
  paperback!
