GEM
  remote: http://rubygems.org/
  specs:
    nokogiri (1.5.5)
    rake (0.9.2)

PLATFORMS
  ruby

DEPENDENCIES
  nokogiri
  rake
