GEM
  remote: https://rubygems.org/
  specs:
    actionmailer (3.2.22.5)
      actionpack (= 3.2.22.5)
      mail (~> 2.5.4)
    actionpack (3.2.22.5)
      activemodel (= 3.2.22.5)
      activesupport (= 3.2.22.5)
      builder (~> 3.0.0)
      erubis (~> 2.7.0)
      journey (~> 1.0.4)
      rack (~> 1.4.5)
      rack-cache (~> 1.2)
      rack-test (~> 0.6.1)
      sprockets (~> 2.2.1)
    activemodel (3.2.22.5)
      activesupport (= 3.2.22.5)
      builder (~> 3.0.0)
    activerecord (3.2.22.5)
      activemodel (= 3.2.22.5)
      activesupport (= 3.2.22.5)
      arel (~> 3.0.2)
      tzinfo (~> 0.3.29)
    activeresource (3.2.22.5)
      activemodel (= 3.2.22.5)
      activesupport (= 3.2.22.5)
    activesupport (3.2.22.5)
      i18n (~> 0.6, >= 0.6.4)
      multi_json (~> 1.0)
    addressable (2.3.2)
    arel (3.0.3)
    bourne (1.6.0)
      mocha (~> 1.1)
    builder (3.0.4)
    capybara (2.2.0)
      mime-types (>= 1.16)
      nokogiri (>= 1.3.3)
      rack (>= 1.0.0)
      rack-test (>= 0.5.4)
      xpath (~> 2.0)
    clearance (0.16.3)
      diesel (~> 0.1.5)
      rails (>= 3.0)
    coffee-rails (3.2.2)
      coffee-script (>= 2.2.0)
      railties (~> 3.2.0)
    coffee-script (2.2.0)
      coffee-script-source
      execjs
    coffee-script-source (1.4.0)
    concurrent-ruby (1.1.10)
    daemons (1.1.9)
    diesel (0.1.5)
      railties
    diff-lcs (1.5.0)
    email_spec (1.4.0)
      launchy (~> 2.1)
      mail (~> 2.2)
    erubis (2.7.0)
    eventmachine (1.2.7)
    execjs (1.4.0)
      multi_json (~> 1.0)
    factory_girl (4.1.0)
      activesupport (>= 3.0.0)
    factory_girl_rails (4.1.0)
      factory_girl (~> 4.1.0)
      railties (>= 3.0.0)
    foreman (0.62.0)
      thor (>= 0.13.6)
    hike (1.2.3)
    i18n (0.9.5)
      concurrent-ruby (~> 1.0)
    journey (1.0.4)
    jquery-rails (2.1.3)
      railties (>= 3.1.0, < 5.0)
      thor (~> 0.14)
    json (1.8.6)
    launchy (2.1.2)
      addressable (~> 2.3)
    mail (2.5.5)
      mime-types (~> 1.16)
      treetop (~> 1.4.8)
    mime-types (1.25.1)
    mini_portile2 (2.4.0)
    mocha (1.16.1)
    multi_json (1.15.0)
    nokogiri (1.9.1)
      mini_portile2 (~> 2.4.0)
    polyglot (0.3.5)
    power_assert (2.0.3)
    rack (1.4.7)
    rack-cache (1.9.0)
      rack (>= 0.4)
    rack-ssl (1.3.4)
      rack
    rack-test (0.6.3)
      rack (>= 1.0)
    rails (3.2.22.5)
      actionmailer (= 3.2.22.5)
      actionpack (= 3.2.22.5)
      activerecord (= 3.2.22.5)
      activeresource (= 3.2.22.5)
      activesupport (= 3.2.22.5)
      bundler (~> 1.0)
      railties (= 3.2.22.5)
    railties (3.2.22.5)
      actionpack (= 3.2.22.5)
      activesupport (= 3.2.22.5)
      rack-ssl (~> 1.3.2)
      rake (>= 0.8.7)
      rdoc (~> 3.4)
      thor (>= 0.14.6, < 2.0)
    rake (10.5.0)
    rdoc (3.12.2)
      json (~> 1.4)
    rspec-core (3.2.3)
      rspec-support (~> 3.2.0)
    rspec-expectations (3.2.1)
      diff-lcs (>= 1.2.0, < 2.0)
      rspec-support (~> 3.2.0)
    rspec-mocks (3.2.1)
      diff-lcs (>= 1.2.0, < 2.0)
      rspec-support (~> 3.2.0)
    rspec-rails (3.2.2)
      actionpack (>= 3.0, < 4.3)
      activesupport (>= 3.0, < 4.3)
      railties (>= 3.0, < 4.3)
      rspec-core (~> 3.2.0)
      rspec-expectations (~> 3.2.0)
      rspec-mocks (~> 3.2.0)
      rspec-support (~> 3.2.0)
    rspec-support (3.2.2)
    sass (3.2.3)
    sass-rails (3.2.5)
      railties (~> 3.2.0)
      sass (>= 3.1.10)
      tilt (~> 1.3)
    shoulda-matchers (2.8.0)
      activesupport (>= 3.0.0)
    simple_form (2.0.4)
      actionpack (~> 3.0)
      activemodel (~> 3.0)
    sprockets (2.2.3)
      hike (~> 1.2)
      multi_json (~> 1.0)
      rack (~> 1.0)
      tilt (~> 1.1, != 1.3.0)
    sqlite3 (1.3.13)
    strong_parameters (0.1.5)
      actionpack (~> 3.1)
      activemodel (~> 3.1)
      railties (~> 3.1)
    test-unit (3.6.1)
      power_assert
    thin (1.5.0)
      daemons (>= 1.0.9)
      eventmachine (>= 0.12.6)
      rack (>= 1.0.0)
    thor (0.20.3)
    tilt (1.4.1)
    treetop (1.4.15)
      polyglot
      polyglot (>= 0.3.1)
    tzinfo (0.3.62)
    uglifier (1.3.0)
      execjs (>= 0.3.0)
      multi_json (~> 1.0, >= 1.0.2)
    xpath (2.1.0)
      nokogiri (~> 1.3)

PLATFORMS
  ruby

DEPENDENCIES
  bourne
  capybara (= 2.2.0)
  clearance
  coffee-rails (~> 3.2)
  email_spec
  factory_girl_rails
  foreman
  jquery-rails
  rails (= 3.2.22.5)
  rake (< 11.0)
  rspec-rails (= 3.2.2)
  sass-rails (~> 3.2)
  shoulda-matchers
  simple_form
  sqlite3 (~> 1.3.6)
  strong_parameters
  test-unit (~> 3.0)
  thin
  uglifier (>= 1.0)

BUNDLED WITH
   1.17.3
